GEM
  remote: https://rubygems.org/
  specs:
    actionmailer (4.2.10)
      actionpack (= 4.2.10)
      actionview (= 4.2.10)
      activejob (= 4.2.10)
      mail (~> 2.5, >= 2.5.4)
      rails-dom-testing (~> 1.0, >= 1.0.5)
    actionpack (4.2.10)
      actionview (= 4.2.10)
      activesupport (= 4.2.10)
      rack (~> 1.6)
      rack-test (~> 0.6.2)
      rails-dom-testing (~> 1.0, >= 1.0.5)
      rails-html-sanitizer (~> 1.0, >= 1.0.2)
    actionview (4.2.10)
      activesupport (= 4.2.10)
      builder (~> 3.1)
      erubis (~> 2.7.0)
      rails-dom-testing (~> 1.0, >= 1.0.5)
      rails-html-sanitizer (~> 1.0, >= 1.0.3)
    activejob (4.2.10)
      activesupport (= 4.2.10)
      globalid (>= 0.3.0)
    activemodel (4.2.10)
      activesupport (= 4.2.10)
      builder (~> 3.1)
    activerecord (4.2.10)
      activemodel (= 4.2.10)
      activesupport (= 4.2.10)
      arel (~> 6.0)
    activesupport (4.2.10)
      i18n (~> 0.7)
      minitest (~> 5.1)
      thread_safe (~> 0.3, >= 0.3.4)
      tzinfo (~> 1.1)
    addressable (2.5.2)
      public_suffix (>= 2.0.2, < 4.0)
    airbrussh (1.3.0)
      sshkit (>= 1.6.1, != 1.7.0)
    annotate (2.7.2)
      activerecord (>= 3.2, < 6.0)
      rake (>= 10.4, < 13.0)
    arel (6.0.4)
    bcrypt (3.1.11)
    binding_of_caller (0.7.3)
      debug_inspector (>= 0.0.1)
    bootstrap-datepicker-rails (1.7.1.1)
      railties (>= 3.0)
    bootstrap-kaminari-views (0.0.5)
      kaminari (>= 0.13)
      rails (>= 3.1)
    bootstrap-multiselect-rails (0.9.9)
      rails (>= 4.0.0)
    bootstrap3-datetimepicker-rails (3.1.3)
      momentjs-rails (>= 2.8.1)
    builder (3.2.3)
    byebug (9.1.0)
    capistrano (3.10.1)
      airbrussh (>= 1.0.0)
      i18n
      rake (>= 10.0.0)
      sshkit (>= 1.9.0)
    capistrano-bundler (1.3.0)
      capistrano (~> 3.1)
      sshkit (~> 1.2)
    capistrano-rails (1.3.1)
      capistrano (~> 3.1)
      capistrano-bundler (~> 1.1)
    capistrano-rbenv (2.1.3)
      capistrano (~> 3.1)
      sshkit (~> 1.3)
    capistrano-rvm (0.1.2)
      capistrano (~> 3.0)
      sshkit (~> 1.2)
    capistrano-sidekiq (0.5.3)
      capistrano
      sidekiq
    capistrano3-unicorn (0.2.1)
      capistrano (~> 3.1, >= 3.1.0)
    celluloid (0.17.3)
      celluloid-essentials
      celluloid-extras
      celluloid-fsm
      celluloid-pool
      celluloid-supervision
      timers (>= 4.1.1)
    celluloid-essentials (0.20.5)
      timers (>= 4.1.1)
    celluloid-extras (0.20.5)
      timers (>= 4.1.1)
    celluloid-fsm (0.20.5)
      timers (>= 4.1.1)
    celluloid-pool (0.20.5)
      timers (>= 4.1.1)
    celluloid-supervision (0.20.6)
      timers (>= 4.1.1)
    chunky_png (1.3.8)
    coderay (1.1.2)
    coffee-rails (4.1.1)
      coffee-script (>= 2.2.0)
      railties (>= 4.0.0, < 5.1.x)
    coffee-script (2.4.1)
      coffee-script-source
      execjs
    coffee-script-source (1.12.2)
    compass (0.12.2)
      chunky_png (~> 1.2)
      fssm (>= 0.2.7)
      sass (~> 3.1)
    compass-rails (2.0.0)
      compass (>= 0.12.2)
    concurrent-ruby (1.0.5)
    connection_pool (2.2.1)
    crass (1.0.3)
    debug_inspector (0.0.3)
    enumerate_it (1.6.1)
      activesupport (>= 3.0.0)
    erubis (2.7.0)
    execjs (2.7.0)
    faker (1.8.5)
      i18n (~> 0.9.1)
    ffi (1.9.18)
    figaro (1.1.1)
      thor (~> 0.14)
    fssm (0.2.10)
    get_process_mem (0.2.1)
    globalid (0.4.1)
      activesupport (>= 4.2.0)
    hitimes (1.2.6)
    i18n (0.9.1)
      concurrent-ruby (~> 1.0)
    jbuilder (2.7.0)
      activesupport (>= 4.2.0)
      multi_json (>= 1.2)
    jquery-rails (4.3.1)
      rails-dom-testing (>= 1, < 3)
      railties (>= 4.2.0)
      thor (>= 0.14, < 2.0)
    json (1.8.6)
    kaminari (1.1.1)
      activesupport (>= 4.1.0)
      kaminari-actionview (= 1.1.1)
      kaminari-activerecord (= 1.1.1)
      kaminari-core (= 1.1.1)
    kaminari-actionview (1.1.1)
      actionview
      kaminari-core (= 1.1.1)
    kaminari-activerecord (1.1.1)
      activerecord
      kaminari-core (= 1.1.1)
    kaminari-core (1.1.1)
    kgio (2.11.1)
    launchy (2.4.3)
      addressable (~> 2.3)
    letter_opener (1.4.1)
      launchy (~> 2.2)
    loofah (2.1.1)
      crass (~> 1.0.2)
      nokogiri (>= 1.5.9)
    mail (2.7.0)
      mini_mime (>= 0.1.1)
    method_source (0.9.0)
    mini_mime (1.0.0)
    mini_portile2 (2.3.0)
    minitest (5.10.3)
    momentjs-rails (2.17.1)
      railties (>= 3.1)
    multi_json (1.12.2)
    net-scp (1.2.1)
      net-ssh (>= 2.6.5)
    net-ssh (4.2.0)
    nokogiri (1.8.1)
      mini_portile2 (~> 2.3.0)
    npm-pipeline-rails (1.8.1)
      railties (>= 4.0.0, < 6.0.0)
      sprockets (~> 3.5)
    pg (0.17.1)
    pry (0.11.3)
      coderay (~> 1.1.0)
      method_source (~> 0.9.0)
    pry-rails (0.3.6)
      pry (>= 0.10.4)
    pry-remote (0.1.8)
      pry (~> 0.9)
      slop (~> 3.0)
    public_suffix (3.0.1)
    puma (3.11.0)
    rack (1.6.8)
    rack-test (0.6.3)
      rack (>= 1.0)
    rails (4.2.10)
      actionmailer (= 4.2.10)
      actionpack (= 4.2.10)
      actionview (= 4.2.10)
      activejob (= 4.2.10)
      activemodel (= 4.2.10)
      activerecord (= 4.2.10)
      activesupport (= 4.2.10)
      bundler (>= 1.3.0, < 2.0)
      railties (= 4.2.10)
      sprockets-rails
    rails-deprecated_sanitizer (1.0.3)
      activesupport (>= 4.2.0.alpha)
    rails-dom-testing (1.0.9)
      activesupport (>= 4.2.0, < 5.0)
      nokogiri (~> 1.6)
      rails-deprecated_sanitizer (>= 1.0.1)
    rails-html-sanitizer (1.0.3)
      loofah (~> 2.0)
    rails-timeago (2.16.0)
      actionpack (>= 3.1)
      activesupport (>= 3.1)
    railties (4.2.10)
      actionpack (= 4.2.10)
      activesupport (= 4.2.10)
      rake (>= 0.8.7)
      thor (>= 0.18.1, < 2.0)
    raindrops (0.19.0)
    rake (12.3.0)
    rb-fsevent (0.10.2)
    rb-inotify (0.9.10)
      ffi (>= 0.5.0, < 2)
    rdoc (4.3.0)
    redis (4.0.1)
    redis-activesupport (5.0.4)
      activesupport (>= 3, < 6)
      redis-store (>= 1.3, < 2)
    redis-namespace (1.6.0)
      redis (>= 3.0.4)
    redis-store (1.4.1)
      redis (>= 2.2, < 5)
    sass (3.5.4)
      sass-listen (~> 4.0.0)
    sass-listen (4.0.0)
      rb-fsevent (~> 0.9, >= 0.9.4)
      rb-inotify (~> 0.9, >= 0.9.7)
    sass-rails (5.0.7)
      railties (>= 4.0.0, < 6)
      sass (~> 3.1)
      sprockets (>= 2.8, < 4.0)
      sprockets-rails (>= 2.0, < 4.0)
      tilt (>= 1.1, < 3)
    sdoc (0.4.2)
      json (~> 1.7, >= 1.7.7)
      rdoc (~> 4.0)
    select2-rails (4.0.3)
      thor (~> 0.14)
    sidekiq (3.3.0)
      celluloid (>= 0.16.0)
      connection_pool (>= 2.0.0)
      json
      redis (>= 3.0.6)
      redis-namespace (>= 1.3.1)
    sidekiq-failures (0.4.5)
      sidekiq (>= 2.16.0)
    slim (3.0.9)
      temple (>= 0.7.6, < 0.9)
      tilt (>= 1.3.3, < 2.1)
    slim-rails (3.1.3)
      actionpack (>= 3.1)
      railties (>= 3.1)
      slim (~> 3.0)
    slop (3.6.0)
    spring (2.0.2)
      activesupport (>= 4.2)
    sprockets (3.7.1)
      concurrent-ruby (~> 1.0)
      rack (> 1, < 3)
    sprockets-rails (3.2.1)
      actionpack (>= 4.0)
      activesupport (>= 4.0)
      sprockets (>= 3.0.0)
    sqlite3 (1.3.13)
    sshkit (1.15.1)
      net-scp (>= 1.1.2)
      net-ssh (>= 2.8.0)
    temple (0.8.0)
    thor (0.20.0)
    thread_safe (0.3.6)
    tilt (2.0.8)
    timers (4.1.2)
      hitimes
    tzinfo (1.2.4)
      thread_safe (~> 0.1)
    uglifier (4.0.2)
      execjs (>= 0.3.0, < 3)
    unicorn (5.3.1)
      kgio (~> 2.6)
      raindrops (~> 0.7)
    unicorn-worker-killer (0.4.4)
      get_process_mem (~> 0)
      unicorn (>= 4, < 6)
    web-console (2.3.0)
      activemodel (>= 4.0)
      binding_of_caller (>= 0.7.2)
      railties (>= 4.0)
      sprockets-rails (>= 2.0, < 4.0)

PLATFORMS
  ruby

DEPENDENCIES
  annotate
  bcrypt (~> 3.1.7)
  binding_of_caller
  bootstrap-datepicker-rails
  bootstrap-kaminari-views
  bootstrap-multiselect-rails
  bootstrap3-datetimepicker-rails (~> 3.1.3)
  byebug
  capistrano
  capistrano-bundler
  capistrano-rails
  capistrano-rbenv
  capistrano-rvm
  capistrano-sidekiq (< 0.20.0)
  capistrano3-unicorn
  coffee-rails (~> 4.1.0)
  compass
  compass-rails
  enumerate_it
  faker
  figaro
  jbuilder (~> 2.0)
  jquery-rails
  kaminari
  letter_opener
  momentjs-rails (>= 2.8.1)
  npm-pipeline-rails
  pg (= 0.17.1)
  pry-rails
  pry-remote
  puma (= 3.11.0)
  rails (= 4.2.10)
  rails-timeago
  redis
  redis-activesupport
  redis-store
  sass-rails (~> 5.0)
  sdoc (~> 0.4.0)
  select2-rails
  sidekiq (= 3.3.0)
  sidekiq-failures
  slim
  slim-rails
  spring
  sqlite3
  uglifier (>= 1.3.0)
  unicorn
  unicorn-worker-killer
  web-console (~> 2.0)

BUNDLED WITH
   1.16.0
